PATH
  remote: .
  specs:
    game_reviews (0.1.0)
      nokogiri

GEM
  remote: https://rubygems.org/
  specs:
    coderay (1.1.2)
    method_source (0.8.2)
    mini_portile2 (2.8.0)
    nokogiri (1.13.4)
      mini_portile2 (~> 2.8.0)
      racc (~> 1.4)
    pry (0.10.4)
      coderay (~> 1.1.0)
      method_source (~> 0.8.1)
      slop (~> 3.4)
    racc (1.6.0)
    rake (12.3.3)
    slop (3.6.0)

PLATFORMS
  ruby

DEPENDENCIES
  game_reviews!
  nokogiri
  pry
  rake (~> 12.0)

BUNDLED WITH
   2.1.4
